PATH
  remote: .
  specs:
    bitsa (0.10.beta3)
      gdata (= 1.1.1)
      trollop (= 1.15)

GEM
  remote: http://rubygems.org/
  specs:
    diff-lcs (1.1.2)
    fakeweb (1.2.8)
    gdata (1.1.1)
    rspec (2.0.1)
      rspec-core (~> 2.0.1)
      rspec-expectations (~> 2.0.1)
      rspec-mocks (~> 2.0.1)
    rspec-core (2.0.1)
    rspec-expectations (2.0.1)
      diff-lcs (>= 1.1.2)
    rspec-mocks (2.0.1)
      rspec-core (~> 2.0.1)
      rspec-expectations (~> 2.0.1)
    trollop (1.15)

PLATFORMS
  ruby

DEPENDENCIES
  bitsa!
  bundler (>= 1.0.0)
  fakeweb (~> 1.2.8)
  gdata (= 1.1.1)
  rspec (~> 2.0.0.beta.22)
  trollop (= 1.15)
