PATH
  remote: .
  specs:
    bitsa (0.30)
      gdata_19 (~> 1.1.3)
      trollop (= 2.0)

GEM
  remote: http://rubygems.org/
  specs:
    diff-lcs (1.2.5)
    docile (1.1.5)
    fakeweb (1.3.0)
    gdata_19 (1.1.5)
    multi_json (1.10.1)
    rake (10.3.2)
    rspec (3.1.0)
      rspec-core (~> 3.1.0)
      rspec-expectations (~> 3.1.0)
      rspec-mocks (~> 3.1.0)
    rspec-core (3.1.7)
      rspec-support (~> 3.1.0)
    rspec-expectations (3.1.2)
      diff-lcs (>= 1.2.0, < 2.0)
      rspec-support (~> 3.1.0)
    rspec-mocks (3.1.3)
      rspec-support (~> 3.1.0)
    rspec-support (3.1.2)
    simplecov (0.9.1)
      docile (~> 1.1.0)
      multi_json (~> 1.0)
      simplecov-html (~> 0.8.0)
    simplecov-html (0.8.0)
    trollop (2.0)

PLATFORMS
  ruby

DEPENDENCIES
  bitsa!
  bundler (>= 1.0.0)
  fakeweb (~> 1.3.0)
  rake
  rspec (~> 3.1.0)
  simplecov
