PATH
  remote: .
  specs:
    bitsa (0.20)
      gdata_19 (~> 1.1.3)
      trollop (= 1.15)

GEM
  remote: http://rubygems.org/
  specs:
    diff-lcs (1.1.3)
    fakeweb (1.2.8)
    gdata_19 (1.1.5)
    multi_json (1.3.5)
    rake (0.9.2.2)
    rspec (2.5.0)
      rspec-core (~> 2.5.0)
      rspec-expectations (~> 2.5.0)
      rspec-mocks (~> 2.5.0)
    rspec-core (2.5.2)
    rspec-expectations (2.5.0)
      diff-lcs (~> 1.1.2)
    rspec-mocks (2.5.0)
    simplecov (0.6.4)
      multi_json (~> 1.0)
      simplecov-html (~> 0.5.3)
    simplecov-html (0.5.3)
    trollop (1.15)

PLATFORMS
  ruby

DEPENDENCIES
  bitsa!
  bundler (>= 1.0.0)
  fakeweb (~> 1.2.8)
  rake
  rspec (~> 2.5.0)
  simplecov
