PATH
  remote: .
  specs:
    bitsa (0.10)
      gdata (= 1.1.1)
      trollop (= 1.15)

GEM
  remote: http://rubygems.org/
  specs:
    diff-lcs (1.1.2)
    fakeweb (1.2.8)
    gdata (1.1.1)
    rcov (0.9.9)
    rspec (2.5.0)
      rspec-core (~> 2.5.0)
      rspec-expectations (~> 2.5.0)
      rspec-mocks (~> 2.5.0)
    rspec-core (2.5.1)
    rspec-expectations (2.5.0)
      diff-lcs (~> 1.1.2)
    rspec-mocks (2.5.0)
    trollop (1.15)

PLATFORMS
  ruby

DEPENDENCIES
  bitsa!
  bundler (>= 1.0.0)
  fakeweb (~> 1.2.8)
  gdata (= 1.1.1)
  rcov
  rspec (~> 2.5.0)
  trollop (= 1.15)
